RESTRICTION: >= net461
NUGET
  remote: https://www.nuget.org/api/v2
    Expecto (9.0)
      FSharp.Core (>= 4.6)
      Mono.Cecil (>= 0.11.2)
    FParsec (1.1.1)
      FSharp.Core (>= 4.3.4)
      System.ValueTuple (>= 4.4)
    FSharp.Core (4.7.1)
    Mono.Cecil (0.11.2)
    System.ValueTuple (4.5)
